GEM
  remote: http://rubygems.org/
  specs:
    activemodel (3.0.0)
      activesupport (= 3.0.0)
      builder (~> 2.1.2)
      i18n (~> 0.4.1)
    activeresource (3.0.0)
      activemodel (= 3.0.0)
      activesupport (= 3.0.0)
    activesupport (3.0.0)
    builder (2.1.2)
    i18n (0.4.1)
    mocha (0.9.8)
      rake
    rake (13.0.1)
    shoulda (2.11.3)

PLATFORMS
  ruby

DEPENDENCIES
  activeresource
  activesupport
  mocha
  shoulda
